GEM
  remote: https://rubygems.org/
  specs:
    aws-eventstream (1.1.0)
    aws-partitions (1.303.0)
    aws-sdk-cognitoidentityprovider (1.34.0)
      aws-sdk-core (~> 3, >= 3.71.0)
      aws-sigv4 (~> 1.1)
    aws-sdk-core (3.94.0)
      aws-eventstream (~> 1, >= 1.0.2)
      aws-partitions (~> 1, >= 1.239.0)
      aws-sigv4 (~> 1.1)
      jmespath (~> 1.0)
    aws-sigv4 (1.1.2)
      aws-eventstream (~> 1.0, >= 1.0.2)
    coderay (1.1.2)
    dotenv (2.7.5)
    dry-initializer (3.0.3)
    jmespath (1.4.0)
    method_source (1.0.0)
    pg (1.2.3)
    pry (0.13.1)
      coderay (~> 1.1)
      method_source (~> 1.0)

PLATFORMS
  ruby

DEPENDENCIES
  aws-sdk-cognitoidentityprovider
  dotenv
  dry-initializer
  pg
  pry

BUNDLED WITH
   2.1.4
